PATH
  remote: .
  specs:
    nanoc-code-classifier (0.1.0)
      nanoc (~> 3.0)
      nokogiri (~> 1.0)

GEM
  remote: http://rubygems.org/
  specs:
    cri (2.2.1)
    nanoc (3.3.2)
      cri (~> 2.2)
    nokogiri (1.5.2)

PLATFORMS
  ruby

DEPENDENCIES
  nanoc-code-classifier!
